GEM
  remote: http://rubygems.org/
  specs:
    crack (0.1.8)
    hpricot (0.8.3)
    httparty (0.6.1)
      crack (= 0.1.8)
    rspec (1.2.9)

PLATFORMS
  ruby

DEPENDENCIES
  hpricot
  httparty
  rspec (~> 1.2.7)
