PATH
  remote: .
  specs:
    wt-commit (0.0.2)
      hpricot
      httparty

GEM
  specs:
    crack (0.1.8)
    diff-lcs (1.1.2)
    hpricot (0.8.3)
    httparty (0.6.1)
      crack (= 0.1.8)
    rspec (2.0.1)
      rspec-core (~> 2.0.1)
      rspec-expectations (~> 2.0.1)
      rspec-mocks (~> 2.0.1)
    rspec-core (2.0.1)
    rspec-expectations (2.0.1)
      diff-lcs (>= 1.1.2)
    rspec-mocks (2.0.1)
      rspec-core (~> 2.0.1)
      rspec-expectations (~> 2.0.1)

PLATFORMS
  ruby

DEPENDENCIES
  hpricot
  httparty
  rspec (>= 1.2.7)
  wt-commit!
